PATH
  remote: .
  specs:
    paresseux (0.0.1)

GEM
  remote: http://rubygems.org/
  specs:
    activemodel (3.2.2)
      activesupport (= 3.2.2)
      builder (~> 3.0.0)
    activesupport (3.2.2)
      i18n (~> 0.6)
      multi_json (~> 1.0)
    bson (1.6.1)
    bson_ext (1.6.1)
      bson (~> 1.6.1)
    builder (3.0.0)
    diff-lcs (1.1.3)
    i18n (0.6.0)
    mongo (1.6.1)
      bson (~> 1.6.1)
    mongoid (2.4.6)
      activemodel (~> 3.1)
      mongo (~> 1.3)
      tzinfo (~> 0.3.22)
    multi_json (1.1.0)
    rspec (2.9.0)
      rspec-core (~> 2.9.0)
      rspec-expectations (~> 2.9.0)
      rspec-mocks (~> 2.9.0)
    rspec-core (2.9.0)
    rspec-expectations (2.9.0)
      diff-lcs (~> 1.1.3)
    rspec-mocks (2.9.0)
    tzinfo (0.3.32)

PLATFORMS
  ruby

DEPENDENCIES
  activesupport (~> 3.2)
  bson_ext (~> 1.5)
  mongoid (~> 2.4)
  paresseux!
  rspec (~> 2.8)
